PATH
  remote: .
  specs:
    codeclimate (0.13.1)
      activesupport (~> 4.2, >= 4.2.1)
      codeclimate-yaml (~> 0.4.0)
      faraday (~> 0.9.1)
      faraday_middleware (~> 0.9.1)
      highline (~> 1.7, >= 1.7.2)
      posix-spawn (~> 0.3, >= 0.3.11)
      pry (~> 0.10.1)
      rainbow (~> 2.0, >= 2.0.0)
      safe_yaml (~> 1.0, >= 1.0.4)
      tty-spinner (~> 0.1.0)

GEM
  remote: https://rubygems.org/
  specs:
    activesupport (4.2.4)
      i18n (~> 0.7)
      json (~> 1.7, >= 1.7.7)
      minitest (~> 5.1)
      thread_safe (~> 0.3, >= 0.3.4)
      tzinfo (~> 1.1)
    ansi (1.5.0)
    builder (3.2.2)
    codeclimate-yaml (0.4.0)
      activesupport
      secure_string
    coderay (1.1.0)
    faraday (0.9.2)
      multipart-post (>= 1.2, < 3)
    faraday_middleware (0.9.2)
      faraday (>= 0.7.4, < 0.10)
    highline (1.7.8)
    i18n (0.7.0)
    json (1.8.3)
    metaclass (0.0.4)
    method_source (0.8.2)
    minitest (5.6.0)
    minitest-around (0.3.1)
      minitest (~> 5.0)
    minitest-reporters (1.0.11)
      ansi
      builder
      minitest (>= 5.0)
      ruby-progressbar
    mocha (1.1.0)
      metaclass (~> 0.0.1)
    multipart-post (2.0.0)
    posix-spawn (0.3.11)
    pry (0.10.3)
      coderay (~> 1.1.0)
      method_source (~> 0.8.1)
      slop (~> 3.4)
    rack (1.6.0)
    rack-test (0.6.3)
      rack (>= 1.0)
    rainbow (2.0.0)
    rake (10.4.2)
    ruby-progressbar (1.7.5)
    safe_yaml (1.0.4)
    secure_string (1.3.3)
    slop (3.6.0)
    thread_safe (0.3.5)
    tty-spinner (0.1.0)
    tzinfo (1.2.2)
      thread_safe (~> 0.1)

PLATFORMS
  ruby

DEPENDENCIES
  codeclimate!
  minitest
  minitest-around
  minitest-reporters
  mocha
  rack-test
  rake

BUNDLED WITH
   1.10.6
